GEM
  remote: https://rubygems.org/
  specs:
    Rwebserver (0.0.3)
    haml (3.1.7)
    jt-partial (0.0.1)
    moode-haml-jqm (0.0.1)
    moode-haml-toolkit (0.0.1)

PLATFORMS
  ruby

DEPENDENCIES
  Rwebserver
  haml
  jt-partial
  moode-haml-jqm
  moode-haml-toolkit
